GEM
  remote: https://rubygems.org/
  specs:
    memory_profiler (1.0.0)

PLATFORMS
  ruby

DEPENDENCIES
  memory_profiler (~> 1.0)

BUNDLED WITH
   2.1.4
