GEM
  remote: https://rubygems.org/
  specs:
    memory_profiler (1.0.0)
    ruby-prof (1.4.2)

PLATFORMS
  ruby

DEPENDENCIES
  memory_profiler (~> 1.0)
  ruby-prof (~> 1.4)

BUNDLED WITH
   2.1.4
